GEM
  remote: https://rubygems.org/
  specs:
    coderay (1.1.2)
    diff-lcs (1.3)
    docile (1.3.1)
    json (2.3.1)
    method_source (0.9.0)
    pry (0.11.3)
      coderay (~> 1.1.0)
      method_source (~> 0.9.0)
    rspec (3.7.0)
      rspec-core (~> 3.7.0)
      rspec-expectations (~> 3.7.0)
      rspec-mocks (~> 3.7.0)
    rspec-core (3.7.1)
      rspec-support (~> 3.7.0)
    rspec-expectations (3.7.0)
      diff-lcs (>= 1.2.0, < 2.0)
      rspec-support (~> 3.7.0)
    rspec-mocks (3.7.0)
      diff-lcs (>= 1.2.0, < 2.0)
      rspec-support (~> 3.7.0)
    rspec-support (3.7.1)
    simplecov (0.16.1)
      docile (~> 1.1)
      json (>= 1.8, < 3)
      simplecov-html (~> 0.10.0)
    simplecov-html (0.10.2)

PLATFORMS
  ruby

DEPENDENCIES
  pry
  rspec
  simplecov

RUBY VERSION
   ruby 2.4.0p0

BUNDLED WITH
   1.15.3
